GEM
  remote: http://rubygems.org/
  specs:
    domain_name (0.5.20170404)
      unf (>= 0.0.5, < 1.0.0)
    ffi (1.9.23-x86-mingw32)
    http-cookie (1.0.3)
      domain_name (~> 0.5)
    mime-types (3.1)
      mime-types-data (~> 3.2015)
    mime-types-data (3.2016.0521)
    mustermann (1.0.1)
    netrc (0.11.0)
    rack (2.0.4)
    rack-protection (2.0.0)
      rack
    rest-client (2.0.2-x86-mingw32)
      ffi (~> 1.9)
      http-cookie (>= 1.0.2, < 2.0)
      mime-types (>= 1.16, < 4.0)
      netrc (~> 0.8)
    sinatra (2.0.0)
      mustermann (~> 1.0)
      rack (~> 2.0)
      rack-protection (= 2.0.0)
      tilt (~> 2.0)
    string-similarity (2.0.1)
    tilt (2.0.8)
    unf (0.1.4)
      unf_ext
    unf_ext (0.0.7.4-x86-mingw32)

PLATFORMS
  x86-mingw32

DEPENDENCIES
  rest-client
  sinatra
  string-similarity

BUNDLED WITH
   1.16.0
